GEM
  remote: https://rubygems.org/
  specs:
    POpen4 (0.1.4)
      Platform (>= 0.4.0)
      open4
    Platform (0.4.0)
    asciidoctor (0.1.2)
    awestruct (0.5.0)
      bootstrap-sass (~> 2.3.1.0)
      compass (~> 0.12.1)
      compass-960-plugin (~> 0.10.4)
      git (~> 1.2.5)
      haml (~> 4.0.1)
      json (~> 1.7.7)
      listen (~> 0.7.3)
      nokogiri (~> 1.5.6)
      rack (~> 1.5.2)
      rest-client (~> 1.6.7)
      ruby-s3cmd (~> 0.1.5)
      tilt (~> 1.3.6)
    bootstrap-sass (2.3.1.0)
      sass (~> 3.2)
    chunky_png (1.2.7)
    coffee-script (2.2.0)
      coffee-script-source
      execjs
    coffee-script-source (1.6.2)
    compass (0.12.2)
      chunky_png (~> 1.2)
      fssm (>= 0.2.7)
      sass (~> 3.1)
    compass-960-plugin (0.10.4)
      compass (>= 0.10.0)
    erubis (2.7.0)
    execjs (1.4.0)
      multi_json (~> 1.0)
    ffi (1.6.0)
    fssm (0.2.10)
    git (1.2.5)
    haml (4.0.1)
      tilt
    htmlcompressor (0.0.5)
      yui-compressor (~> 0.9.6)
    json (1.7.7)
    libv8 (3.11.8.17)
    listen (0.7.3)
    mime-types (1.21)
    multi_json (1.7.2)
    nokogiri (1.5.9)
    open4 (1.3.0)
    rack (1.5.2)
    rake (10.0.4)
    rb-inotify (0.9.0)
      ffi (>= 0.5.0)
    rdiscount (2.0.7.1)
    rdoc (4.0.1)
      json (~> 1.4)
    ref (1.0.4)
    rest-client (1.6.7)
      mime-types (>= 1.16)
    ruby-s3cmd (0.1.5)
    sass (3.2.7)
    therubyracer (0.11.4)
      libv8 (~> 3.11.8.12)
      ref
    tilt (1.3.7)
    uglifier (1.3.0)
      execjs (>= 0.3.0)
      multi_json (~> 1.0, >= 1.0.2)
    yard (0.7.5)
    yui-compressor (0.9.6)
      POpen4 (>= 0.1.4)

PLATFORMS
  ruby

DEPENDENCIES
  asciidoctor (~> 0.1.2)
  awestruct (= 0.5.0)
  coffee-script (~> 2.2)
  erubis (~> 2.7.0)
  haml (~> 4.0.0)
  htmlcompressor (~> 0.0.5)
  kramdown (~> 1.0.1)
  rake (~> 10.0.0)
  rb-inotify (~> 0.9.0)
  rdiscount (~> 2.0.7)
  rdoc (~> 4.0.1)
  therubyracer (~> 0.11.4)
  therubyrhino (~> 2.0.2)
  uglifier (~> 1.3.0)
  yard (~> 0.7.5)
